GEM
  remote: https://rubygems.org/
  specs:
    net-ssh (7.1.0)

PLATFORMS
  x86_64-darwin-22

DEPENDENCIES
  net-ssh

BUNDLED WITH
   2.4.7
