GEM
  remote: https://rubygems.org/
  specs:
    bundle (0.0.1)
      bundler
    byebug (11.1.3)
    coderay (1.1.3)
    colorize (0.8.1)
    memoize (1.3.1)
    method_source (1.0.0)
    msgpack (1.7.1)
    multi_json (1.15.0)
    neovim (0.9.0)
      msgpack (~> 1.1)
      multi_json (~> 1.0)
    net-sftp (4.0.0)
      net-ssh (>= 5.0.0, < 8.0.0)
    net-ssh (7.1.0)
    pry (0.14.2)
      coderay (~> 1.1)
      method_source (~> 1.0)
    pry-byebug (3.10.1)
      byebug (~> 11.0)
      pry (>= 0.13, < 0.15)
    pry-doc (1.4.0)
      pry (~> 0.11)
      yard (~> 0.9.11)
    rake (13.0.6)
    rubygems-server (0.3.0)
      webrick
    rubyzip (2.3.2)
    subprocess (1.5.6)
    webrick (1.8.1)
    yard (0.9.34)

PLATFORMS
  x86_64-darwin-22

DEPENDENCIES
  bundle
  colorize
  memoize
  neovim
  net-sftp
  net-ssh
  pry
  pry-byebug
  pry-doc
  rake
  rubygems-server
  rubyzip
  subprocess

BUNDLED WITH
   2.4.13
